GEM
  remote: https://rubygems.org/
  specs:
    docile (1.1.5)
    minitest (5.5.1)
    multi_json (1.10.1)
    simplecov (0.9.2)
      docile (~> 1.1.0)
      multi_json (~> 1.0)
      simplecov-html (~> 0.9.0)
    simplecov-html (0.9.0)

PLATFORMS
  ruby

DEPENDENCIES
  minitest
  simplecov
