GEM
  remote: https://rubygems.org/
  specs:
    amq-protocol (1.9.2)
    bunny (1.7.0)
      amq-protocol (>= 1.9.2)
    docile (1.1.5)
    minitest (5.5.1)
    multi_json (1.10.1)
    rake (10.4.2)
    simplecov (0.9.2)
      docile (~> 1.1.0)
      multi_json (~> 1.0)
      simplecov-html (~> 0.9.0)
    simplecov-html (0.9.0)

PLATFORMS
  ruby

DEPENDENCIES
  bunny
  minitest
  rake
  simplecov
